GEM
  remote: https://rubygems.org/
  specs:
    axiom-types (0.1.1)
      descendants_tracker (~> 0.0.4)
      ice_nine (~> 0.11.0)
      thread_safe (~> 0.3, >= 0.3.1)
    coercible (1.0.0)
      descendants_tracker (~> 0.0.1)
    descendants_tracker (0.0.4)
      thread_safe (~> 0.3, >= 0.3.1)
    equalizer (0.0.11)
    faraday (0.14.0)
      multipart-post (>= 1.2, < 3)
    ice_nine (0.11.2)
    inflecto (0.0.2)
    mini_portile2 (2.8.0)
    multipart-post (2.0.0)
    nokogiri (1.13.5)
      mini_portile2 (~> 2.8.0)
      racc (~> 1.4)
    nokogiri (1.13.5-x86-mingw32)
      racc (~> 1.4)
    pg (1.0.0)
    pg (1.0.0-x86-mingw32)
    power_assert (0.2.2)
    racc (1.6.0)
    telegram-bot-ruby (0.8.6.1)
      faraday
      inflecto
      virtus
    test-unit (3.0.8)
      power_assert
    thread_safe (0.3.6)
    unicode_utils (1.4.0)
    virtus (1.0.5)
      axiom-types (~> 0.1)
      coercible (~> 1.0)
      descendants_tracker (~> 0.0, >= 0.0.3)
      equalizer (~> 0.0, >= 0.0.9)

PLATFORMS
  ruby
  x86-mingw32

DEPENDENCIES
  nokogiri
  pg
  telegram-bot-ruby
  test-unit
  unicode_utils

BUNDLED WITH
   1.16.1
